STORAGE: NONE
RESTRICTION: == net472
NUGET
  remote: https://api.nuget.org/v3/index.json
    FakeItEasy (4.9.1)
    FluentAssertions (5.4.2)
    Xbehave (2.4)
      Xbehave.Core (2.4)
      xunit (>= 2.4 < 2.5)
    Xbehave.Core (2.4)
      xunit.core (>= 2.4 < 2.5)
      xunit.extensibility.execution (>= 2.4 < 2.5)
    xunit (2.4.1)
      xunit.analyzers (>= 0.10)
      xunit.assert (2.4.1)
      xunit.core (2.4.1)
    xunit.abstractions (2.0.3)
    xunit.analyzers (0.10)
    xunit.assert (2.4.1)
    xunit.core (2.4.1)
      xunit.extensibility.core (2.4.1)
      xunit.extensibility.execution (2.4.1)
    xunit.extensibility.core (2.4.1)
      xunit.abstractions (>= 2.0.3)
    xunit.extensibility.execution (2.4.1)
      xunit.extensibility.core (2.4.1)
    xunit.runner.visualstudio (2.4.1)
